GEM
  remote: https://rubygems.org/
  specs:
    activesupport (5.2.4.4)
      concurrent-ruby (~> 1.0, >= 1.0.2)
      i18n (>= 0.7, < 2)
      minitest (~> 5.1)
      tzinfo (~> 1.1)
    addressable (2.5.2)
      public_suffix (>= 2.0.2, < 4.0)
    ast (2.4.0)
    backports (3.11.4)
    coffee-script (2.4.1)
      coffee-script-source
      execjs
    coffee-script-source (1.12.2)
    concurrent-ruby (1.1.7)
    crack (0.4.3)
      safe_yaml (~> 1.0.0)
    daemons (1.3.1)
    debase (0.2.2)
      debase-ruby_core_source (>= 0.10.2)
    debase-ruby_core_source (0.10.4)
    diff-lcs (1.3)
    dotenv (2.6.0)
    et-orbi (1.1.7)
      tzinfo
    eventmachine (1.2.7)
    execjs (2.7.0)
    faraday (0.15.4)
      multipart-post (>= 1.2, < 3)
    faraday_middleware (0.13.1)
      faraday (>= 0.7.4, < 1.0)
    gli (2.18.0)
    hashdiff (0.3.8)
    hashie (3.6.0)
    i18n (1.8.5)
      concurrent-ruby (~> 1.0)
    jaro_winkler (1.5.2)
    jwt (2.1.0)
    minitest (5.14.2)
    multi_json (1.13.1)
    multi_xml (0.6.0)
    multipart-post (2.0.0)
    mustermann (1.0.3)
    oauth2 (1.4.1)
      faraday (>= 0.8, < 0.16.0)
      jwt (>= 1.0, < 3.0)
      multi_json (~> 1.3)
      multi_xml (~> 0.5)
      rack (>= 1.2, < 3)
    octokit (4.13.0)
      sawyer (~> 0.8.0, >= 0.5.3)
    omniauth (1.9.0)
      hashie (>= 3.4.6, < 3.7.0)
      rack (>= 1.6.2, < 3)
    omniauth-github (1.3.0)
      omniauth (~> 1.5)
      omniauth-oauth2 (>= 1.4.0, < 2.0)
    omniauth-oauth2 (1.6.0)
      oauth2 (~> 1.1)
      omniauth (~> 1.9)
    parallel (1.14.0)
    parser (2.6.0.0)
      ast (~> 2.4.0)
    powerpack (0.1.2)
    psych (3.1.0)
    public_suffix (3.0.3)
    rack (2.0.8)
    rack-protection (2.0.5)
      rack
    rainbow (3.0.0)
    rake (13.0.1)
    redis (4.1.0)
    rspec (3.8.0)
      rspec-core (~> 3.8.0)
      rspec-expectations (~> 3.8.0)
      rspec-mocks (~> 3.8.0)
    rspec-core (3.8.0)
      rspec-support (~> 3.8.0)
    rspec-expectations (3.8.2)
      diff-lcs (>= 1.2.0, < 2.0)
      rspec-support (~> 3.8.0)
    rspec-mocks (3.8.0)
      diff-lcs (>= 1.2.0, < 2.0)
      rspec-support (~> 3.8.0)
    rspec-support (3.8.0)
    rubocop (0.65.0)
      jaro_winkler (~> 1.5.1)
      parallel (~> 1.10)
      parser (>= 2.5, != 2.5.1.1)
      powerpack (~> 0.1)
      psych (>= 3.1.0)
      rainbow (>= 2.2.2, < 4.0)
      ruby-progressbar (~> 1.7)
      unicode-display_width (~> 1.4.0)
    ruby-debug-ide (0.6.1)
      rake (>= 0.8.1)
    ruby-progressbar (1.10.0)
    rufus-scheduler (3.4.2)
      et-orbi (~> 1.0)
    safe_yaml (1.0.4)
    sass (3.4.25)
    sawyer (0.8.1)
      addressable (>= 2.3.5, < 2.6)
      faraday (~> 0.8, < 1.0)
    sinatra (2.0.5)
      mustermann (~> 1.0)
      rack (~> 2.0)
      rack-protection (= 2.0.5)
      tilt (~> 2.0)
    sinatra-contrib (2.0.5)
      backports (>= 2.8.2)
      multi_json
      mustermann (~> 1.0)
      rack-protection (= 2.0.5)
      sinatra (= 2.0.5)
      tilt (>= 1.3, < 3)
    slack-ruby-client (0.14.1)
      activesupport
      faraday (>= 0.9)
      faraday_middleware
      gli
      hashie
      websocket-driver
    smashing (1.1.0)
      coffee-script (~> 2.4.1)
      execjs (~> 2.7.0)
      rack (~> 2.0.0)
      rufus-scheduler (~> 3.4.2)
      sass (~> 3.4.24)
      sinatra (~> 2.0.0)
      sinatra-contrib (~> 2.0.0)
      sprockets (~> 3.7.1)
      thin (~> 1.7.0)
      thor (~> 0.19.4)
    sprockets (3.7.2)
      concurrent-ruby (~> 1.0)
      rack (> 1, < 3)
    thin (1.7.2)
      daemons (~> 1.0, >= 1.0.9)
      eventmachine (~> 1.0, >= 1.0.4)
      rack (>= 1, < 3)
    thor (0.19.4)
    thread_safe (0.3.6)
    tilt (2.0.9)
    time_difference (0.7.0)
      activesupport (~> 5.1)
    tzinfo (1.2.7)
      thread_safe (~> 0.1)
    unicode-display_width (1.4.1)
    webmock (3.5.1)
      addressable (>= 2.3.6)
      crack (>= 0.3.2)
      hashdiff
    websocket-driver (0.7.0)
      websocket-extensions (>= 0.1.0)
    websocket-extensions (0.1.5)

PLATFORMS
  ruby

DEPENDENCIES
  debase (~> 0.2.2)
  dotenv (~> 2.6)
  octokit (~> 4.13)
  omniauth-github (~> 1.3)
  redis (~> 4.1)
  rspec
  rspec-mocks
  rubocop (~> 0.65.0)
  ruby-debug-ide (~> 0.6.1)
  slack-ruby-client (~> 0.14.1)
  smashing (~> 1.1)
  time_difference (~> 0.7.0)
  webmock

RUBY VERSION
   ruby 2.6.6p146

BUNDLED WITH
   2.0.1
